GEM
  remote: http://rubygems.org/
  specs:
    RedCloth (4.2.3)
    actionmailer (2.3.5)
      actionpack (= 2.3.5)
    actionpack (2.3.5)
      activesupport (= 2.3.5)
      rack (~> 1.0.0)
    activerecord (2.3.5)
      activesupport (= 2.3.5)
    activeresource (2.3.5)
      activesupport (= 2.3.5)
    activesupport (2.3.5)
    builder (2.1.2)
    capybara (0.3.9)
      culerity (>= 0.2.4)
      mime-types (>= 1.16)
      nokogiri (>= 1.3.3)
      rack (>= 1.0.0)
      rack-test (>= 0.5.4)
      selenium-webdriver (>= 0.0.3)
    cucumber (0.8.3)
      builder (~> 2.1.2)
      diff-lcs (~> 1.1.2)
      gherkin (~> 2.0.2)
      json_pure (~> 1.4.3)
      term-ansicolor (~> 1.0.4)
    cucumber-rails (0.3.2)
      cucumber (>= 0.8.0)
    culerity (0.2.12)
    database_cleaner (0.5.2)
    diff-lcs (1.1.2)
    exception_notification (2.3.3.0)
    factory_girl (1.2.4)
    ffi (0.6.3)
      rake (>= 0.8.7)
    gherkin (2.0.2)
      trollop (~> 1.16.2)
    json_pure (1.4.6)
    mime-types (1.16)
    mysql (2.7)
    nokogiri (1.4.3.1)
    paperclip (2.3.3)
      activerecord
      activesupport
    rack (1.0.1)
    rack-test (0.5.4)
      rack (>= 1.0)
    rails (2.3.5)
      actionmailer (= 2.3.5)
      actionpack (= 2.3.5)
      activerecord (= 2.3.5)
      activeresource (= 2.3.5)
      activesupport (= 2.3.5)
      rake (>= 0.8.3)
    rake (0.8.7)
    rmagick (2.13.1)
    rspec (1.3.0)
    rspec-rails (1.3.2)
      rack (>= 1.0.0)
      rspec (>= 1.3.0)
    rubyzip (0.9.4)
    selenium-webdriver (0.0.28)
      ffi (>= 0.6.1)
      json_pure
      rubyzip
    term-ansicolor (1.0.5)
    trollop (1.16.2)
    unicorn (1.1.2)
      rack

PLATFORMS
  ruby

DEPENDENCIES
  RedCloth (= 4.2.3)
  capybara (= 0.3.9)
  cucumber (= 0.8.3)
  cucumber-rails (= 0.3.2)
  database_cleaner (= 0.5.2)
  exception_notification (= 2.3.3.0)
  factory_girl (= 1.2.4)
  mysql (= 2.7)
  nokogiri
  paperclip (= 2.3.3)
  rails (= 2.3.5)
  rmagick (= 2.13.1)
  rspec (= 1.3.0)
  rspec-rails (= 1.3.2)
  unicorn (= 1.1.2)
