GIT
  remote: git://github.com/alexandrebini/jammit.git
  revision: 3f91ae5b6a04c0ea1ccfd9d73c4229de055a5d34
  specs:
    jammit (0.5.4)
      closure-compiler (>= 0.1.0)
      yui-compressor (>= 0.9.1)

GIT
  remote: git://github.com/railsware/authlogic.git
  revision: 6b0fc4faa9f275a7d1a84b775d877bce273b442e
  tag: v2.1.6.1
  specs:
    authlogic (2.1.6)
      activesupport

GIT
  remote: git://github.com/yaroslav/russian.git
  revision: 57af7fee22f9c324ac6313064c36e582d58ba8df
  specs:
    russian (0.2.7)

GIT
  remote: git://github.com/zarqman/geoip.git
  revision: f8c6887808961b8419b1b36e52d030a5227defe5
  specs:
    geoip-c (0.7.0.2)

GEM
  remote: http://rubygems.org/
  specs:
    RedCloth (4.2.3)
    aasm (2.2.0)
    abstract (1.0.0)
    actionmailer (3.0.5)
      actionpack (= 3.0.5)
      mail (~> 2.2.15)
    actionpack (3.0.5)
      activemodel (= 3.0.5)
      activesupport (= 3.0.5)
      builder (~> 2.1.2)
      erubis (~> 2.6.6)
      i18n (~> 0.4)
      rack (~> 1.2.1)
      rack-mount (~> 0.6.13)
      rack-test (~> 0.5.7)
      tzinfo (~> 0.3.23)
    activemodel (3.0.5)
      activesupport (= 3.0.5)
      builder (~> 2.1.2)
      i18n (~> 0.4)
    activerecord (3.0.5)
      activemodel (= 3.0.5)
      activesupport (= 3.0.5)
      arel (~> 2.0.2)
      tzinfo (~> 0.3.23)
    activeresource (3.0.5)
      activemodel (= 3.0.5)
      activesupport (= 3.0.5)
    activesupport (3.0.5)
    arel (2.0.9)
    builder (2.1.2)
    capybara (0.3.9)
      culerity (>= 0.2.4)
      mime-types (>= 1.16)
      nokogiri (>= 1.3.3)
      rack (>= 1.0.0)
      rack-test (>= 0.5.4)
      selenium-webdriver (>= 0.0.3)
    childprocess (0.1.4)
      ffi (~> 0.6.3)
    closure-compiler (1.0.0)
    cucumber (0.10.0)
      builder (>= 2.1.2)
      diff-lcs (~> 1.1.2)
      gherkin (~> 2.3.2)
      json (~> 1.4.6)
      term-ansicolor (~> 1.0.5)
    cucumber-rails (0.3.2)
      cucumber (>= 0.8.0)
    culerity (0.2.15)
    database_cleaner (0.6.4)
    diff-lcs (1.1.2)
    dynamic_form (1.1.3)
    elif (0.1.0)
    erubis (2.6.6)
      abstract (>= 1.0.0)
    escape_utils (0.2.1)
    exception_notification_rails3 (1.2.0)
    factory_girl (1.3.3)
    ffi (0.6.3)
      rake (>= 0.8.7)
    gherkin (2.3.3)
      json (~> 1.4.6)
    highline (1.6.1)
    i18n (0.5.0)
    json (1.4.6)
    json_pure (1.5.1)
    kgio (2.0.0)
    mail (2.2.15)
      activesupport (>= 2.3.6)
      i18n (>= 0.4.0)
      mime-types (~> 1.16)
      treetop (~> 1.4.8)
    mime-types (1.16)
    mysql (2.8.1)
    mysql2 (0.2.7)
    nokogiri (1.4.4)
    paperclip (2.3.3)
      activerecord
      activesupport
    patron (0.4.9)
    polyglot (0.3.1)
    rack (1.2.2)
    rack-mount (0.6.14)
      rack (>= 1.0.0)
    rack-test (0.5.7)
      rack (>= 1.0)
    rails (3.0.5)
      actionmailer (= 3.0.5)
      actionpack (= 3.0.5)
      activerecord (= 3.0.5)
      activeresource (= 3.0.5)
      activesupport (= 3.0.5)
      bundler (~> 1.0)
      railties (= 3.0.5)
    railties (3.0.5)
      actionpack (= 3.0.5)
      activesupport (= 3.0.5)
      rake (>= 0.8.7)
      thor (~> 0.14.4)
    rake (0.8.7)
    request-log-analyzer (1.9.10)
    rmagick (2.12.2)
    rspec (2.5.0)
      rspec-core (~> 2.5.0)
      rspec-expectations (~> 2.5.0)
      rspec-mocks (~> 2.5.0)
    rspec-core (2.5.1)
    rspec-expectations (2.5.0)
      diff-lcs (~> 1.1.2)
    rspec-mocks (2.5.0)
    rspec-rails (2.5.0)
      actionpack (~> 3.0)
      activesupport (~> 3.0)
      railties (~> 3.0)
      rspec (~> 2.5.0)
    rubyzip (0.9.4)
    scout (5.1.5)
      elif
    selenium-webdriver (0.1.0)
      childprocess (= 0.1.4)
      ffi (~> 0.6.3)
      json_pure
      rubyzip
    shoulda (2.11.3)
    term-ansicolor (1.0.5)
    thor (0.14.6)
    treetop (1.4.9)
      polyglot (>= 0.3.1)
    tzinfo (0.3.25)
    unicorn (3.1.0)
      kgio (~> 2.0.0)
      rack
    will_paginate (3.0.pre2)
    yui-compressor (0.9.4)

PLATFORMS
  ruby

DEPENDENCIES
  RedCloth (= 4.2.3)
  aasm (= 2.2.0)
  authlogic!
  capybara (= 0.3.9)
  cucumber
  cucumber-rails
  database_cleaner
  dynamic_form (= 1.1.3)
  escape_utils
  exception_notification_rails3 (= 1.2.0)
  factory_girl
  geoip-c!
  highline
  jammit!
  mysql (= 2.8.1)
  mysql2 (= 0.2.7)
  nokogiri (= 1.4.4)
  paperclip (= 2.3.3)
  patron (= 0.4.9)
  rails (= 3.0.5)
  request-log-analyzer
  rmagick (= 2.12.2)
  rspec
  rspec-rails
  russian!
  scout
  selenium-webdriver (= 0.1.0)
  shoulda
  unicorn (= 3.1.0)
  will_paginate (= 3.0.pre2)
